PATH
  remote: .
  specs:
    trademe (0.1.1)
      oauth
      yajl-ruby

GEM
  remote: http://rubygems.org/
  specs:
    ansi (1.3.0)
    mocha (0.9.12)
    oauth (0.4.4)
    shoulda (2.11.3)
    test-unit (2.2.0)
    turn (0.8.2)
      ansi (>= 1.2.2)
    yajl-ruby (0.8.1)

PLATFORMS
  ruby

DEPENDENCIES
  ansi
  mocha
  shoulda
  test-unit
  trademe!
  turn
